GIT
  remote: https://github.com/Xalgorithms/xa-rules.git
  revision: e0940c401264e662c03bcd2bb97fa14298b1360d
  specs:
    xa-rules (0.0.4)
      faraday
      faraday_middleware
      parslet

GEM
  remote: https://rubygems.org/
  specs:
    blankslate (3.1.3)
    faraday (0.9.2)
      multipart-post (>= 1.2, < 3)
    faraday_middleware (0.10.0)
      faraday (>= 0.7.4, < 0.10)
    multi_json (1.12.1)
    multipart-post (2.0.0)
    parslet (1.7.1)
      blankslate (>= 2.0, <= 4.0)

PLATFORMS
  ruby

DEPENDENCIES
  multi_json
  xa-rules!

BUNDLED WITH
   1.11.2
