GIT
  remote: https://github.com/Xalgorithms/xa-rules.git
  revision: 527d61e593db1aaf4cec2cca10b0b77f1b993c40
  specs:
    xa-rules (0.0.5)
      faraday
      faraday_middleware
      parslet

GEM
  remote: https://rubygems.org/
  specs:
    blankslate (3.1.3)
    faraday (0.9.2)
      multipart-post (>= 1.2, < 3)
    faraday_middleware (0.10.0)
      faraday (>= 0.7.4, < 0.10)
    multi_json (1.12.1)
    multipart-post (2.0.0)
    parslet (1.7.1)
      blankslate (>= 2.0, <= 4.0)

PLATFORMS
  ruby

DEPENDENCIES
  multi_json
  xa-rules!

RUBY VERSION
   ruby 2.3.1p112

BUNDLED WITH
   1.13.2
