GIT
  remote: https://github.com/Xalgorithms/xa-rules.git
  revision: ceef70e55ad9c4c10a1b5a5fcab9cd2ebfb7db4c
  specs:
    xa-rules (0.0.3)
      faraday
      faraday_middleware
      parslet

GEM
  remote: https://rubygems.org/
  specs:
    blankslate (3.1.3)
    faraday (0.9.2)
      multipart-post (>= 1.2, < 3)
    faraday_middleware (0.10.0)
      faraday (>= 0.7.4, < 0.10)
    multi_json (1.12.1)
    multipart-post (2.0.0)
    parslet (1.7.1)
      blankslate (>= 2.0, <= 4.0)

PLATFORMS
  ruby

DEPENDENCIES
  multi_json
  xa-rules!

BUNDLED WITH
   1.11.2
